GEM
  remote: https://rubygems.org/
  specs:
    rack (1.6.13)
    rack-test (1.1.0)
      rack (>= 1.0, < 3)
    shotgun (0.9.2)
      rack (>= 1.0)

PLATFORMS
  ruby

DEPENDENCIES
  rack (~> 1.6, >= 1.6.4)
  rack-test
  shotgun

BUNDLED WITH
   2.1.4
